GEM
  remote: https://rubygems.org/
  specs:
    actionmailer (3.2.2)
      actionpack (= 3.2.2)
      mail (~> 2.4.0)
    actionpack (3.2.2)
      activemodel (= 3.2.2)
      activesupport (= 3.2.2)
      builder (~> 3.0.0)
      erubis (~> 2.7.0)
      journey (~> 1.0.1)
      rack (~> 1.4.0)
      rack-cache (~> 1.1)
      rack-test (~> 0.6.1)
      sprockets (~> 2.1.2)
    activemodel (3.2.2)
      activesupport (= 3.2.2)
      builder (~> 3.0.0)
    activerecord (3.2.2)
      activemodel (= 3.2.2)
      activesupport (= 3.2.2)
      arel (~> 3.0.2)
      tzinfo (~> 0.3.29)
    activeresource (3.2.2)
      activemodel (= 3.2.2)
      activesupport (= 3.2.2)
    activesupport (3.2.2)
      i18n (~> 0.6)
      multi_json (~> 1.0)
    acts_as_follower (0.1.1)
    addressable (2.3.2)
    arel (3.0.2)
    auto_html (1.6.0)
      redcarpet (~> 2.0)
      rinku (~> 1.5.0)
    bcrypt-ruby (3.0.1)
    bootstrap-sass (2.2.2.0)
      sass (~> 3.2)
    builder (3.0.4)
    cocaine (0.4.2)
    coffee-rails (3.2.2)
      coffee-script (>= 2.2.0)
      railties (~> 3.2.0)
    coffee-script (2.2.0)
      coffee-script-source
      execjs
    coffee-script-source (1.4.0)
    daemons (1.1.9)
    delayed_job (3.0.4)
      activesupport (~> 3.0)
    delayed_job_active_record (0.3.3)
      activerecord (>= 2.1.0, < 4)
      delayed_job (~> 3.0)
    devise (2.2.2)
      bcrypt-ruby (~> 3.0)
      orm_adapter (~> 0.1)
      railties (~> 3.1)
      warden (~> 1.2.1)
    erubis (2.7.0)
    eventmachine (1.0.0)
    exception_notification (3.0.0)
      actionmailer (>= 3.0.4)
      tinder (~> 1.8)
    execjs (1.4.0)
      multi_json (~> 1.0)
    faraday (0.8.4)
      multipart-post (~> 1.1)
    faraday_middleware (0.9.0)
      faraday (>= 0.7.4, < 0.9)
    font-awesome-sass-rails (3.0.0.1)
      railties (>= 3.1.1)
      sass-rails (>= 3.1.1)
    friendly_id (4.0.9)
    haml (3.1.7)
    hashie (1.2.0)
    hike (1.2.1)
    http_parser.rb (0.5.3)
    httpauth (0.2.0)
    i18n (0.6.1)
    journey (1.0.4)
    jquery-rails (2.2.0)
      railties (>= 3.0, < 5.0)
      thor (>= 0.14, < 2.0)
    jquery-ui-rails (3.0.1)
      jquery-rails
      railties (>= 3.1.0)
    json (1.7.6)
    jwt (0.1.5)
      multi_json (>= 1.0)
    kaminari (0.14.1)
      actionpack (>= 3.0.0)
      activesupport (>= 3.0.0)
    koala (1.6.0)
      addressable (~> 2.2)
      faraday (~> 0.8)
      multi_json (~> 1.3)
    libv8 (3.11.8.13)
    mail (2.4.4)
      i18n (>= 0.4.0)
      mime-types (~> 1.16)
      treetop (~> 1.4.8)
    mime-types (1.19)
    multi_json (1.5.0)
    multipart-post (1.1.5)
    mysql2 (0.3.11)
    nested_form (0.3.1)
    nokogiri (1.5.6)
    oauth (0.4.7)
    oauth2 (0.8.0)
      faraday (~> 0.8)
      httpauth (~> 0.1)
      jwt (~> 0.1.4)
      multi_json (~> 1.0)
      rack (~> 1.2)
    omniauth (1.1.1)
      hashie (~> 1.2)
      rack
    omniauth-facebook (1.4.1)
      omniauth-oauth2 (~> 1.1.0)
    omniauth-oauth (1.0.1)
      oauth
      omniauth (~> 1.0)
    omniauth-oauth2 (1.1.1)
      oauth2 (~> 0.8.0)
      omniauth (~> 1.0)
    omniauth-twitter (0.0.14)
      multi_json (~> 1.3)
      omniauth-oauth (~> 1.0)
    orm_adapter (0.4.0)
    paperclip (3.4.0)
      activemodel (>= 3.0.0)
      activerecord (>= 3.0.0)
      activesupport (>= 3.0.0)
      cocaine (~> 0.4.0)
      mime-types
    polyglot (0.3.3)
    rack (1.4.4)
    rack-cache (1.2)
      rack (>= 0.4)
    rack-pjax (0.7.0)
      nokogiri (~> 1.5)
      rack (~> 1.3)
    rack-ssl (1.3.2)
      rack
    rack-test (0.6.2)
      rack (>= 1.0)
    rails (3.2.2)
      actionmailer (= 3.2.2)
      actionpack (= 3.2.2)
      activerecord (= 3.2.2)
      activeresource (= 3.2.2)
      activesupport (= 3.2.2)
      bundler (~> 1.0)
      railties (= 3.2.2)
    rails3-jquery-autocomplete (1.0.10)
      rails (~> 3.0)
    rails_admin (0.4.3)
      bootstrap-sass (~> 2.2)
      builder (~> 3.0)
      coffee-rails (~> 3.1)
      font-awesome-sass-rails (~> 3.0, >= 3.0.0.1)
      haml (~> 3.1)
      jquery-rails (~> 2.1)
      jquery-ui-rails (~> 3.0)
      kaminari (~> 0.14)
      nested_form (~> 0.3)
      rack-pjax (~> 0.6)
      rails (~> 3.1)
      remotipart (~> 1.0)
      sass-rails (~> 3.1)
    railties (3.2.2)
      actionpack (= 3.2.2)
      activesupport (= 3.2.2)
      rack-ssl (~> 1.3.2)
      rake (>= 0.8.7)
      rdoc (~> 3.4)
      thor (~> 0.14.6)
    rake (10.0.3)
    rdoc (3.12)
      json (~> 1.4)
    redcarpet (2.2.2)
    ref (1.0.2)
    remotipart (1.0.2)
    rinku (1.5.1)
    sass (3.2.5)
    sass-rails (3.2.6)
      railties (~> 3.2.0)
      sass (>= 3.1.10)
      tilt (~> 1.3)
    simple_oauth (0.1.9)
    sprockets (2.1.3)
      hike (~> 1.2)
      rack (~> 1.0)
      tilt (~> 1.1, != 1.3.0)
    therubyracer (0.11.0beta5)
      ref
    thor (0.14.6)
    tilt (1.3.3)
    tinder (1.9.2)
      eventmachine (~> 1.0)
      faraday (~> 0.8)
      faraday_middleware (~> 0.9)
      hashie (~> 1.0)
      json (~> 1.7.5)
      mime-types (~> 1.19)
      multi_json (~> 1.5)
      twitter-stream (~> 0.1)
    tinymce-rails (3.5.8)
      railties (>= 3.1.1)
    treetop (1.4.12)
      polyglot
      polyglot (>= 0.3.1)
    twitter-stream (0.1.16)
      eventmachine (>= 0.12.8)
      http_parser.rb (~> 0.5.1)
      simple_oauth (~> 0.1.4)
    tzinfo (0.3.35)
    uglifier (1.3.0)
      execjs (>= 0.3.0)
      multi_json (~> 1.0, >= 1.0.2)
    warden (1.2.1)
      rack (>= 1.0)
    will_paginate (3.0.4)

PLATFORMS
  ruby

DEPENDENCIES
  acts_as_follower
  auto_html
  bcrypt-ruby (~> 3.0.0)
  coffee-rails (~> 3.2.1)
  daemons
  delayed_job_active_record
  devise
  exception_notification
  friendly_id
  jquery-rails
  koala
  libv8 (~> 3.11.8)
  mysql2
  nokogiri
  omniauth
  omniauth-facebook
  omniauth-twitter
  paperclip
  rails (= 3.2.2)
  rails3-jquery-autocomplete
  rails_admin
  sass-rails (~> 3.2.0)
  therubyracer (= 0.11.0beta5)
  tinymce-rails
  uglifier (>= 1.0.3)
  will_paginate
